PATH
  remote: .
  specs:
    realityforge-braid (0.9.3)
      main (>= 4.7.3)
      open4 (>= 1.0.1)

GEM
  remote: http://rubygems.org/
  specs:
    Platform (0.4.0)
    arrayfields (4.9.0)
    chronic (0.9.1)
    diff-lcs (1.1.3)
    fattr (2.2.1)
    main (5.2.0)
      arrayfields (>= 4.7.4)
      chronic (>= 0.6.2)
      fattr (>= 2.2.0)
      map (>= 5.1.0)
    map (6.5.1)
    metaclass (0.0.1)
    mocha (0.14.0)
      metaclass (~> 0.0.1)
    open4 (1.3.0)
    rake (10.1.0)
    rspec (2.12.0)
      rspec-core (~> 2.12.0)
      rspec-expectations (~> 2.12.0)
      rspec-mocks (~> 2.12.0)
    rspec-core (2.12.2)
    rspec-expectations (2.12.1)
      diff-lcs (~> 1.1.3)
    rspec-mocks (2.12.2)

PLATFORMS
  ruby
  x86-mingw32

DEPENDENCIES
  Platform
  mocha (>= 0.9.11)
  rake
  realityforge-braid!
  rspec (= 2.12.0)
